GEM
  remote: https://rubygems.org/
  specs:
    activemodel (4.2.11.3)
      activesupport (= 4.2.11.3)
      builder (~> 3.1)
    activerecord (4.2.11.3)
      activemodel (= 4.2.11.3)
      activesupport (= 4.2.11.3)
      arel (~> 6.0)
    activesupport (4.2.11.3)
      i18n (~> 0.7)
      minitest (~> 5.1)
      thread_safe (~> 0.3, >= 0.3.4)
      tzinfo (~> 1.1)
    adamantium (0.2.0)
      ice_nine (~> 0.11.0)
      memoizable (~> 0.4.0)
    architecture (5.2.1)
      mustache (~> 0.99)
    arel (6.0.4)
    builder (3.2.4)
    coderay (1.1.3)
    concurrent-ruby (1.1.7)
    i18n (0.9.5)
      concurrent-ruby (~> 1.0)
    ice_nine (0.11.2)
    memoizable (0.4.2)
      thread_safe (~> 0.3, >= 0.3.1)
    method_source (1.0.0)
    minitest (5.14.1)
    mustache (0.99.8)
    pry (0.13.1)
      coderay (~> 1.1)
      method_source (~> 1.0)
    rack (1.6.13)
    rack-accept_setter (1.0.0)
    rack-authentication_bearer (1.0.0)
    rack-body_deserializer (1.0.1)
    rack-body_serializer (1.0.0)
    rack-chunker (1.0.0)
    rack-content_length_setter (1.0.0)
    rack-cors (0.4.1)
    rack-log (1.0.0)
    rack-protection (1.5.5)
      rack
    rack-runtime (1.0.0)
    rake (10.5.0)
    require_all (3.0.0)
    scrawl (1.1.0)
    shogun (6.4.2)
      activerecord (~> 4.1)
      activesupport (~> 4.1)
      adamantium (~> 0.2)
      architecture (~> 5.2)
      pry (~> 0.9)
      rack (~> 1.5)
      rack-accept_setter (~> 1.0)
      rack-authentication_bearer (~> 1.0)
      rack-body_deserializer (~> 1.0)
      rack-body_serializer (~> 1.0)
      rack-chunker (~> 1.0)
      rack-content_length_setter (~> 1.0)
      rack-cors (~> 0.2)
      rack-log (~> 1.0)
      rack-protection (~> 1.5)
      rack-runtime (~> 1.0)
      rake (~> 10.1)
      scrawl (~> 1.0)
    sinatra (1.4.8)
      rack (~> 1.5)
      rack-protection (~> 1.4)
      tilt (>= 1.3, < 3)
    sinatra-activerecord (2.0.18)
      activerecord (>= 4.1)
      sinatra (>= 1.0)
    sqlite3 (1.4.2)
    thread_safe (0.3.6)
    tilt (2.0.10)
    tzinfo (1.2.7)
      thread_safe (~> 0.1)

PLATFORMS
  ruby

DEPENDENCIES
  activerecord
  pry
  rake
  require_all
  shogun
  sinatra
  sinatra-activerecord
  sqlite3

BUNDLED WITH
   2.1.4
